GIT
  remote: git://github.com/spree/spree_active_shipping
  revision: 350857e7690113fbcfd54f8da755eb43ec0da345
  branch: 1-3-stable
  specs:
    spree_active_shipping (1.1.0)
      active_shipping (~> 0.9.13)
      spree_core (~> 1.0)

GIT
  remote: git://github.com/spree/spree_auth_devise.git
  revision: 78342b5fa7c5a378d5c2283bde654d9e140077fb
  branch: 1-3-stable
  specs:
    spree_auth_devise (1.0.0)
      cancan (~> 1.6.7)
      devise (~> 2.2.3)
      devise-encryptable (= 0.1.1)
      spree_core

GIT
  remote: git://github.com/spree/spree_editor.git
  revision: 385729518b16eaf304d5da8479aee48e9e4bc9de
  specs:
    spree_editor (1.0.1)
      spree_core (>= 1.0.0)
      tinymce-rails (>= 3.4.7.0.1)

GIT
  remote: git://github.com/spree/spree_email_to_friend.git
  revision: 69849e87d2998af31797d2366e968e60cd421415
  specs:
    spree_email_to_friend (1.3)
      recaptcha (>= 0.3.1)
      spree_core (~> 1.3.0)

GIT
  remote: git://github.com/spree/spree_gateway.git
  revision: 7f28e94719ffbea66974f4ef1975213816817729
  branch: 1-3-stable
  specs:
    spree_gateway (1.2.0.rc2)
      savon
      spree_core (~> 1.0)

GIT
  remote: git://github.com/spree/spree_i18n.git
  revision: d367064abd8398ae1ac5e836e71becee1e443449
  specs:
    spree_i18n (1.0.0)
      i18n (~> 0.6)
      rails-i18n
      spree_core

GIT
  remote: git://github.com/spree/spree_multi_currency.git
  revision: 3d2a276dde57f121067616080bb282decb7edb81
  specs:
    spree_multi_currency (1.3.0)
      spree_core (~> 1.3.0)

GIT
  remote: git://github.com/spree/spree_paypal_express.git
  revision: b96c501bc4d6a675b1c0c8e8e49b6a64cd0b622c
  branch: 1-3-stable
  specs:
    spree_paypal_express (1.2.0)
      spree_core (~> 1.3.0)

GIT
  remote: git://github.com/spree/spree_product_zoom.git
  revision: be2d9aa8cffe05775f08961607842ddb3407e9d6
  branch: 1-3-stable
  specs:
    spree_product_zoom (1.3)
      spree_core (~> 1.2)

GIT
  remote: git://github.com/spree/spree_rdr_theme.git
  revision: f8756fb93c30ed6ec9ff1d6819386ea8e8a859d7
  specs:
    spree_rdr_theme (0.1.0)

GIT
  remote: git://github.com/spree/spree_recently_viewed.git
  revision: 94da8eae4286fd5eac4319e21dffb0980a2e6d0a
  specs:
    spree_recently_viewed (1.1)
      spree_core (>= 1.0.0)

GIT
  remote: git://github.com/spree/spree_related_products.git
  revision: 5def88e237577d452fac3d763af7a415e34b3d0c
  branch: 1-3-stable
  specs:
    spree_related_products (3.2)
      spree_core (~> 1.3.0)
      spree_promo (~> 1.3.0)

GIT
  remote: git://github.com/spree/spree_reviews.git
  revision: 2901f599c34af39c2d0359be011a604f7264406f
  branch: 1-3-stable
  specs:
    spree_reviews (1.0.0)
      spree_core (~> 1.3)

GIT
  remote: git://github.com/spree/spree_social_products.git
  revision: 637bb6905bcebe5ce3799f5f9f8fe4af888de40c
  specs:
    spree_social_products (1.2)
      spree_core (~> 1.2)

GIT
  remote: git://github.com/spree/spree_static_content.git
  revision: 4d58cbb8729278cfe84c38adac9cc153959d5a62
  branch: 1-3-stable
  specs:
    spree_static_content (1.1.0.beta)
      spree_core (~> 1.3.0)

GIT
  remote: git://github.com/spree/spree_wishlist.git
  revision: 7cfd0276736b6c4cb4f02de697b6572ba1cc4ce7
  branch: 1-3-stable
  specs:
    spree_wishlist (1.3)
      spree_core (~> 1.3)

GEM
  remote: https://rubygems.org/
  specs:
    actionmailer (3.2.12)
      actionpack (= 3.2.12)
      mail (~> 2.4.4)
    actionpack (3.2.12)
      activemodel (= 3.2.12)
      activesupport (= 3.2.12)
      builder (~> 3.0.0)
      erubis (~> 2.7.0)
      journey (~> 1.0.4)
      rack (~> 1.4.5)
      rack-cache (~> 1.2)
      rack-test (~> 0.6.1)
      sprockets (~> 2.2.1)
    active_shipping (0.9.14)
      active_utils (>= 1.0.1)
      activesupport (>= 2.3.5)
      builder
      i18n
      json (>= 1.5.1)
    active_utils (1.0.5)
      activesupport (>= 2.3.11)
      i18n
    activemerchant (1.29.3)
      active_utils (>= 1.0.2)
      activesupport (>= 2.3.14)
      builder (>= 2.0.0)
      i18n
      json (>= 1.5.1)
      money
      nokogiri
    activemodel (3.2.12)
      activesupport (= 3.2.12)
      builder (~> 3.0.0)
    activerecord (3.2.12)
      activemodel (= 3.2.12)
      activesupport (= 3.2.12)
      arel (~> 3.0.2)
      tzinfo (~> 0.3.29)
    activeresource (3.2.12)
      activemodel (= 3.2.12)
      activesupport (= 3.2.12)
    activesupport (3.2.12)
      i18n (~> 0.6)
      multi_json (~> 1.0)
    acts_as_list (0.1.4)
    akami (1.2.0)
      gyoku (>= 0.4.0)
      nokogiri (>= 1.4.0)
    arel (3.0.2)
    awesome_nested_set (2.1.5)
      activerecord (>= 3.0.0)
    aws-sdk (1.3.9)
      httparty (~> 0.7)
      json (~> 1.4)
      nokogiri (>= 1.4.4)
      uuidtools (~> 2.1)
    bcrypt-ruby (3.0.1)
    builder (3.0.4)
    cancan (1.6.8)
    climate_control (0.0.3)
      activesupport (>= 3.0)
    cocaine (0.5.1)
      climate_control (>= 0.0.3, < 1.0)
    coffee-rails (3.2.2)
      coffee-script (>= 2.2.0)
      railties (~> 3.2.0)
    coffee-script (2.2.0)
      coffee-script-source
      execjs
    coffee-script-source (1.6.1)
    deface (0.9.1)
      nokogiri (~> 1.5.0)
      rails (~> 3.1)
    devise (2.2.3)
      bcrypt-ruby (~> 3.0)
      orm_adapter (~> 0.1)
      railties (~> 3.1)
      warden (~> 1.2.1)
    devise-encryptable (0.1.1)
      devise (>= 2.1.0.rc)
    erubis (2.7.0)
    execjs (1.4.0)
      multi_json (~> 1.0)
    ffaker (1.12.1)
    gyoku (1.0.0)
      builder (>= 2.1.2)
    highline (1.6.11)
    hike (1.2.1)
    httparty (0.8.3)
      multi_json (~> 1.0)
      multi_xml
    httpi (2.0.2)
      rack
    i18n (0.6.4)
    journey (1.0.4)
    jquery-rails (2.2.1)
      railties (>= 3.0, < 5.0)
      thor (>= 0.14, < 2.0)
    json (1.7.7)
    kaminari (0.13.0)
      actionpack (>= 3.0.0)
      activesupport (>= 3.0.0)
      railties (>= 3.0.0)
    mail (2.4.4)
      i18n (>= 0.4.0)
      mime-types (~> 1.16)
      treetop (~> 1.4.8)
    mime-types (1.21)
    money (5.0.0)
      i18n (~> 0.4)
      json
    multi_json (1.6.1)
    multi_xml (0.5.3)
    nokogiri (1.5.6)
    nori (2.0.4)
    orm_adapter (0.4.0)
    paperclip (2.8.0)
      activerecord (>= 2.3.0)
      activesupport (>= 2.3.2)
      cocaine (>= 0.0.2)
      mime-types
    polyamorous (0.5.0)
      activerecord (~> 3.0)
    polyglot (0.3.3)
    rabl (0.7.2)
      activesupport (>= 2.3.14)
      multi_json (~> 1.0)
    rack (1.4.5)
    rack-cache (1.2)
      rack (>= 0.4)
    rack-ssl (1.3.3)
      rack
    rack-test (0.6.2)
      rack (>= 1.0)
    rails (3.2.12)
      actionmailer (= 3.2.12)
      actionpack (= 3.2.12)
      activerecord (= 3.2.12)
      activeresource (= 3.2.12)
      activesupport (= 3.2.12)
      bundler (~> 1.0)
      railties (= 3.2.12)
    rails-i18n (0.7.2)
      i18n (~> 0.5)
    railties (3.2.12)
      actionpack (= 3.2.12)
      activesupport (= 3.2.12)
      rack-ssl (~> 1.3.2)
      rake (>= 0.8.7)
      rdoc (~> 3.4)
      thor (>= 0.14.6, < 2.0)
    rake (10.0.3)
    ransack (0.7.2)
      actionpack (~> 3.0)
      activerecord (~> 3.0)
      polyamorous (~> 0.5.0)
    rdoc (3.12.2)
      json (~> 1.4)
    recaptcha (0.3.5)
    sass (3.2.6)
    sass-rails (3.2.6)
      railties (~> 3.2.0)
      sass (>= 3.1.10)
      tilt (~> 1.3)
    savon (2.1.0)
      akami (~> 1.2.0)
      builder (>= 2.1.2)
      gyoku (~> 1.0.0)
      httpi (~> 2.0.2)
      nokogiri (>= 1.4.0)
      nori (~> 2.0.3)
      wasabi (~> 3.0.0)
    select2-rails (3.3.0)
      sass-rails (~> 3.2)
      thor (~> 0.14)
    spree (1.3.2)
      spree_api (= 1.3.2)
      spree_cmd (= 1.3.2)
      spree_core (= 1.3.2)
      spree_dash (= 1.3.2)
      spree_promo (= 1.3.2)
      spree_sample (= 1.3.2)
    spree_api (1.3.2)
      spree_core (= 1.3.2)
      versioncake (= 0.4.0)
    spree_cmd (1.3.2)
      thor (>= 0.14.6)
    spree_core (1.3.2)
      activemerchant (~> 1.29.3)
      acts_as_list (= 0.1.4)
      awesome_nested_set (= 2.1.5)
      aws-sdk (~> 1.3.4)
      cancan (= 1.6.8)
      deface (>= 0.9.0)
      ffaker (~> 1.12.0)
      highline (= 1.6.11)
      jquery-rails (~> 2.2.0)
      kaminari (= 0.13.0)
      money (= 5.0.0)
      paperclip (~> 2.8)
      rabl (= 0.7.2)
      rails (~> 3.2.11)
      ransack (~> 0.7.2)
      select2-rails (~> 3.2)
      state_machine (= 1.1.2)
      stringex (~> 1.3.2)
    spree_dash (1.3.2)
      httparty (~> 0.8.1)
      spree_core (= 1.3.2)
    spree_promo (1.3.2)
      spree_core (= 1.3.2)
    spree_sample (1.3.2)
      spree_core (= 1.3.2)
    sprockets (2.2.2)
      hike (~> 1.2)
      multi_json (~> 1.0)
      rack (~> 1.0)
      tilt (~> 1.1, != 1.3.0)
    sqlite3 (1.3.7)
    state_machine (1.1.2)
    stringex (1.3.3)
    thor (0.17.0)
    tilt (1.3.4)
    tinymce-rails (3.5.8.1)
      railties (>= 3.1.1)
    tinymce-rails-langs (0.1)
      tinymce-rails (>= 3.4.9)
    treetop (1.4.12)
      polyglot
      polyglot (>= 0.3.1)
    tzinfo (0.3.36)
    uglifier (1.3.0)
      execjs (>= 0.3.0)
      multi_json (~> 1.0, >= 1.0.2)
    uuidtools (2.1.3)
    versioncake (0.4.0)
      actionpack (>= 3.0)
      activesupport (>= 3.0)
      railties (>= 3.0)
    warden (1.2.1)
      rack (>= 1.0)
    wasabi (3.0.0)
      httpi (~> 2.0)
      nokogiri (>= 1.4.0)

PLATFORMS
  ruby

DEPENDENCIES
  coffee-rails (~> 3.2.1)
  jquery-rails
  rails (= 3.2.12)
  sass-rails (~> 3.2.3)
  spree (= 1.3.2)
  spree_active_shipping!
  spree_auth_devise!
  spree_editor!
  spree_email_to_friend!
  spree_gateway!
  spree_i18n!
  spree_multi_currency!
  spree_paypal_express!
  spree_product_zoom!
  spree_rdr_theme!
  spree_recently_viewed!
  spree_related_products!
  spree_reviews!
  spree_social_products!
  spree_static_content!
  spree_wishlist!
  sqlite3
  tinymce-rails (>= 3.4.7.0.1)
  tinymce-rails-langs
  uglifier (>= 1.0.3)
